GEM
  remote: http://rubygems.org/
  specs:
    activemodel (3.1.1)
      activesupport (= 3.1.1)
      builder (~> 3.0.0)
      i18n (~> 0.6)
    activerecord (3.1.1)
      activemodel (= 3.1.1)
      activesupport (= 3.1.1)
      arel (~> 2.2.1)
      tzinfo (~> 0.3.29)
    activesupport (3.1.1)
      multi_json (~> 1.0)
    arel (2.2.1)
    builder (3.0.0)
    coffee-script (2.2.0)
      coffee-script-source
      execjs
    coffee-script-source (1.1.2)
    execjs (1.2.9)
      multi_json (~> 1.0)
    haml (3.1.3)
    i18n (0.6.0)
    less (2.0.7)
      therubyracer (~> 0.9.2)
    libv8 (3.3.10.2)
    multi_json (1.0.3)
    pg (0.11.0)
    rack (1.3.5)
    rack-protection (1.1.4)
      rack
    sass (3.1.10)
    sinatra (1.3.1)
      rack (~> 1.3, >= 1.3.4)
      rack-protection (~> 1.1, >= 1.1.2)
      tilt (~> 1.3, >= 1.3.3)
    sinatra-activerecord (0.1.3)
      sinatra (>= 0.9.4)
    therubyracer (0.9.8)
      libv8 (~> 3.3.10)
    tilt (1.3.3)
    tzinfo (0.3.30)

PLATFORMS
  ruby

DEPENDENCIES
  activerecord (~> 3.1.1)
  activesupport (~> 3.1.1)
  coffee-script (~> 2.2.0)
  execjs (~> 1.2.9)
  haml (~> 3.1.3)
  less (~> 2.0.7)
  pg (~> 0.11.0)
  sass (~> 3.1.10)
  sinatra (~> 1.3.1)
  sinatra-activerecord (~> 0.1.3)
